GEM
  remote: https://rubygems.org/
  specs:
    clap (1.0.0)
    cutest (1.2.3)
      clap

PLATFORMS
  ruby

DEPENDENCIES
  cutest
