GEM
  remote: https://rubygems.org/
  specs:
    clap (1.0.0)
    coderay (1.1.1)
    cuba (3.8.0)
      rack (>= 1.6.0)
    cutest (1.2.3)
      clap
    method_source (0.8.2)
    pry (0.10.4)
      coderay (~> 1.1.0)
      method_source (~> 0.8.1)
      slop (~> 3.4)
    rack (1.6.8)
    slop (3.6.0)

PLATFORMS
  ruby

DEPENDENCIES
  cuba
  cutest
  pry

BUNDLED WITH
   1.15.4
