GEM
  remote: https://rubygems.org/
  specs:
    clap (1.0.0)
    cuba (3.8.0)
      rack (>= 1.6.0)
    cutest (1.2.3)
      clap
    rack (1.6.8)

PLATFORMS
  ruby

DEPENDENCIES
  cuba
  cutest

BUNDLED WITH
   1.15.4
